PATH
  remote: .
  specs:
    faraday-newscred (0.0.1)
      faraday (~> 0.8)

GEM
  remote: http://rubygems.org/
  specs:
    faraday (0.8.8)
      multipart-post (~> 1.2.0)
    minitest (4.7.5)
    multipart-post (1.2.0)
    rake (10.1.0)

PLATFORMS
  ruby

DEPENDENCIES
  faraday-newscred!
  minitest
  rake
